GEM
  remote: https://rubygems.org/
  specs:
    rack (1.5.2)
    rack-reverse-proxy (0.4.4)
      rack (>= 1.0.0)
    rack-robustness (1.1.0)
    rack-timeout (0.1.1)

PLATFORMS
  ruby

DEPENDENCIES
  rack
  rack-reverse-proxy
  rack-robustness
  rack-timeout
